GEM
  remote: https://rubygems.org/
  specs:
    connection_pool (2.2.5)
    redis (5.0.2)
      redis-client (~> 0.7)
    redis-client (0.7.1)
      connection_pool

PLATFORMS
  arm64-darwin-21
  x86_64-linux

DEPENDENCIES
  redis

RUBY VERSION
   ruby 3.1.2p20

BUNDLED WITH
   2.3.7
